GEM
  remote: http://rubygems.org/
  specs:
    addressable (2.2.6)
    amqp (0.7.4)
      eventmachine
    async_sinatra (0.5.0)
      rack (>= 1.2.1)
      sinatra (>= 1.0)
    bacon (1.1.0)
    cabin (0.1.8)
      json
    daemons (1.1.5)
    diff-lcs (1.1.3)
    em-http-request (1.0.0)
      addressable (>= 2.2.3)
      em-socksify
      eventmachine (>= 1.0.0.beta.3)
      http_parser.rb (>= 0.5.2)
    em-socksify (0.1.0)
      eventmachine
    em-spec (0.2.5)
      bacon
      eventmachine
      rspec (~> 2.6.0)
      test-unit
    eventmachine (1.0.0.beta.4)
    ffi (1.0.9)
    hashie (1.2.0)
    http_parser.rb (0.5.3)
    json (1.6.4)
    msgpack (0.4.6)
    rack (1.3.6)
    rack-protection (1.2.0)
      rack
    rake (0.9.2.2)
    rbtrace (0.3.18)
      ffi (>= 1.0.6)
      msgpack (>= 0.4.3)
      trollop (>= 1.16.2)
    rspec (2.6.0)
      rspec-core (~> 2.6.0)
      rspec-expectations (~> 2.6.0)
      rspec-mocks (~> 2.6.0)
    rspec-core (2.6.4)
    rspec-expectations (2.6.0)
      diff-lcs (~> 1.1.2)
    rspec-mocks (2.6.0)
    ruby-redis (0.0.2)
      eventmachine
    sinatra (1.3.2)
      rack (~> 1.3, >= 1.3.6)
      rack-protection (~> 1.2)
      tilt (~> 1.3, >= 1.3.3)
    test-unit (2.4.4)
    thin (1.3.1)
      daemons (>= 1.0.9)
      eventmachine (>= 0.12.6)
      rack (>= 1.0.0)
    tilt (1.3.3)
    trollop (1.16.2)

PLATFORMS
  ruby

DEPENDENCIES
  amqp (= 0.7.4)
  async_sinatra
  bundler
  cabin (= 0.1.8)
  em-http-request
  em-spec
  eventmachine (~> 1.0.0.beta.4)
  hashie
  json
  rack (~> 1.3.4)
  rake
  rbtrace
  ruby-redis
  thin
