PATH
  remote: .
  specs:
    sensu (0.8.0)
      amqp (= 0.7.4)
      async_sinatra
      em-hiredis
      em-syslog
      hashie
      json
      rack (~> 1.3.4)
      thin
      uuidtools

GEM
  remote: http://rubygems.org/
  specs:
    amqp (0.7.4)
      eventmachine
    async_sinatra (0.5.0)
      rack (>= 1.2.1)
      sinatra (>= 1.0)
    bacon (1.1.0)
    daemons (1.1.4)
    diff-lcs (1.1.3)
    em-hiredis (0.1.0)
      hiredis (~> 0.3.0)
    em-spec (0.2.5)
      bacon
      eventmachine
      rspec (~> 2.6.0)
      test-unit
    em-syslog (0.0.2)
      eventmachine
    eventmachine (0.12.10)
    hashie (1.2.0)
    hiredis (0.3.2)
    json (1.6.1)
    rack (1.3.5)
    rack-protection (1.1.4)
      rack
    rake (0.9.2)
    rspec (2.6.0)
      rspec-core (~> 2.6.0)
      rspec-expectations (~> 2.6.0)
      rspec-mocks (~> 2.6.0)
    rspec-core (2.6.4)
    rspec-expectations (2.6.0)
      diff-lcs (~> 1.1.2)
    rspec-mocks (2.6.0)
    sinatra (1.3.1)
      rack (~> 1.3, >= 1.3.4)
      rack-protection (~> 1.1, >= 1.1.2)
      tilt (~> 1.3, >= 1.3.3)
    test-unit (2.4.0)
    thin (1.2.11)
      daemons (>= 1.0.9)
      eventmachine (>= 0.12.6)
      rack (>= 1.0.0)
    tilt (1.3.3)
    uuidtools (2.1.2)

PLATFORMS
  ruby

DEPENDENCIES
  em-spec
  rake
  sensu!
