PATH
  remote: .
  specs:
    sensu (0.7.0)
      amqp (= 0.7.4)
      async_sinatra
      em-hiredis
      em-syslog
      hashie
      json
      thin
      uuidtools

GEM
  remote: http://rubygems.org/
  specs:
    amqp (0.7.4)
      eventmachine
    async_sinatra (0.5.0)
      rack (>= 1.2.1)
      sinatra (>= 1.0)
    callsite (0.0.6)
      bundler (~> 1.0.0)
    daemons (1.1.4)
    em-hiredis (0.1.0)
      hiredis (~> 0.3.0)
    em-syslog (0.0.2)
      eventmachine
    em-ventually (0.1.2)
      callsite (~> 0.0.5)
      eventmachine
    eventmachine (0.12.10)
    hashie (1.1.0)
    hiredis (0.3.2)
    json (1.6.1)
    mime-types (1.16)
    minitest (2.6.0)
    rack (1.3.4)
    rack-protection (1.1.4)
      rack
    rake (0.9.2)
    rest-client (1.6.7)
      mime-types (>= 1.16)
    sinatra (1.3.1)
      rack (~> 1.3, >= 1.3.4)
      rack-protection (~> 1.1, >= 1.1.2)
      tilt (~> 1.3, >= 1.3.3)
    thin (1.2.11)
      daemons (>= 1.0.9)
      eventmachine (>= 0.12.6)
      rack (>= 1.0.0)
    tilt (1.3.3)
    uuidtools (2.1.2)

PLATFORMS
  ruby

DEPENDENCIES
  em-ventually
  minitest
  rake
  rest-client
  sensu!
